GIT
  remote: git://github.com/kgrz/json.git
  revision: e49894d3c5c2df8a43384cb36b444d8096a9ea0e
  branch: master
  specs:
    json (1.8.1)

GEM
  remote: https://rubygems.org/
  specs:
    glorify (0.5.0)
      nokogiri
      rdoc-rouge
      sinatra
    kgio (2.9.2)
    newrelic_rpm (3.6.5.130)
    nokogiri (1.5.9)
    rack (1.5.2)
    rack-cache (1.2)
      rack (>= 0.4)
    rack-protection (1.3.2)
      rack
    raindrops (0.13.0)
    rdoc (4.1.1)
      json (~> 1.4)
    rdoc-rouge (0.1.0)
      rdoc (~> 4.0)
      rouge (~> 0.3.0)
    rouge (0.3.2)
      thor
    sass (3.2.5)
    sinatra (1.3.4)
      rack (~> 1.4)
      rack-protection (~> 1.3)
      tilt (~> 1.3, >= 1.3.3)
    slim (1.3.6)
      temple (~> 0.5.5)
      tilt (~> 1.3.3)
    temple (0.5.5)
    thor (0.18.0)
    tilt (1.3.3)
    unicorn (4.8.3)
      kgio (~> 2.6)
      rack
      raindrops (~> 0.7)

PLATFORMS
  ruby

DEPENDENCIES
  glorify (~> 0.5.0)
  json!
  newrelic_rpm
  rack-cache
  rdoc (~> 4.1)
  sass
  sinatra
  slim
  unicorn
